GEM
  specs:
    abstract (1.0.0)
    actionmailer (3.0.10)
      actionpack (= 3.0.10)
      mail (~> 2.3.0)
    actionpack (3.0.10)
      activemodel (= 3.0.10)
      activesupport (= 3.0.10)
      builder (~> 2.1.2)
      erubis (~> 2.6.6)
      i18n (~> 0.5.0)
      rack (>= 1.2.1)
      rack-mount (>= 0.6.14)
      rack-test (>= 0.5.4)
      tzinfo (~> 0.3.23)
    activemodel (3.0.10)
      activesupport (= 3.0.10)
      builder (~> 2.1.2)
      i18n (~> 0.5.0)
    activerecord (3.0.10)
      activemodel (= 3.0.10)
      activesupport (= 3.0.10)
      arel (~> 2.0.9)
      tzinfo (~> 0.3.23)
    activeresource (3.0.10)
      activemodel (= 3.0.10)
      activesupport (= 3.0.10)
    activesupport (3.0.10)
    addressable (2.2.6)
    aeolus-image (0.4.0)
      nokogiri (>= 0.4.0)
      rest-client
    arel (2.0.9)
    builder (2.1.2)
    capybara (1.1.1)
      mime-types (>= 1.16)
      nokogiri (>= 1.3.3)
      rack (>= 1.0.0)
      rack-test (>= 0.5.4)
      selenium-webdriver (~> 2.0)
      xpath (~> 0.1.4)
    childprocess (0.2.0)
      ffi (~> 1.0.6)
    crack (0.1.8)
    cucumber (1.0.1)
      builder (>= 2.1.2)
      diff-lcs (>= 1.1.2)
      gherkin (~> 2.4.5)
      json (>= 1.4.6)
      term-ansicolor (>= 1.0.5)
    cucumber-rails (1.0.2)
      capybara (>= 1.0.0)
      cucumber (~> 1.0.0)
      nokogiri (>= 1.4.6)
    daemons (1.0.10)
    database_cleaner (0.6.6)
    deltacloud-client (0.4.0)
      nokogiri (>= 1.4.3)
      rest-client (>= 1.6.1)
    diff-lcs (1.1.2)
    erubis (2.6.6)
      abstract (>= 1.0.0)
    eventmachine (0.12.10)
    factory_girl (2.3.2)
    factory_girl_rails (1.4.0)
      factory_girl (~> 2.3.0)
      railties (>= 3.0.0)
    fastercsv (1.5.4)
    ffi (1.0.9)
    gherkin (2.4.5)
      json (>= 1.4.6)
    haml (3.1.2)
    i18n (0.5.0)
    json (1.4.6)
    json_pure (1.4.6)
    launchy (2.0.5)
      addressable (~> 2.2.6)
    mail (2.3.0)
      i18n (>= 0.4.0)
      mime-types (~> 1.16)
      treetop (~> 1.4.8)
    mime-types (1.16)
    mustache (0.99.4)
    nokogiri (1.5.0.beta.4)
    oauth (0.4.4)
    pg (0.11.0)
    polyglot (0.3.1)
    rack (1.3.0)
    rack-mount (0.7.1)
      rack (>= 1.0.0)
      regin (>= 0.3.7)
    rack-restful_submit (1.2.1)
      rack (~> 1.3.0)
    rack-test (0.6.0)
      rack (>= 1.0)
    rails (3.0.10)
      actionmailer (= 3.0.10)
      actionpack (= 3.0.10)
      activerecord (= 3.0.10)
      activeresource (= 3.0.10)
      activesupport (= 3.0.10)
      bundler (~> 1.0)
      railties (= 3.0.10)
    rails_warden (0.5.5)
      warden (>= 1.0.0)
    railties (3.0.10)
      actionpack (= 3.0.10)
      activesupport (= 3.0.10)
      rake (>= 0.8.7)
      rdoc (~> 3.4)
      thor (~> 0.14.4)
    rake (0.9.2.2)
    rdoc (3.8)
    regin (0.3.8)
    rest-client (1.6.1)
      mime-types (>= 1.16)
    rspec-core (2.6.4)
    rspec-expectations (2.6.0)
      diff-lcs (~> 1.1.2)
    rspec-mocks (2.6.0)
    rspec-rails (2.6.1)
      actionpack (~> 3.0)
      activesupport (~> 3.0)
      railties (~> 3.0)
      rspec-core (~> 2.6.0)
      rspec-expectations (~> 2.6.0)
      rspec-mocks (~> 2.6.0)
    ruby-net-ldap (0.0.4)
    rubyzip (0.9.4)
    sass (3.1.4)
    selenium-webdriver (2.3.2)
      childprocess (>= 0.1.9)
      ffi (>= 1.0.7)
      json_pure
      rubyzip
    simple-navigation (3.0.0)
      activesupport (>= 2.3.2)
    sqlite3 (1.3.3)
    term-ansicolor (1.0.7)
    thin (1.2.11)
      daemons (>= 1.0.9)
      eventmachine (>= 0.12.6)
      rack (>= 1.0.0)
    thor (0.14.6)
    timecop (0.3.5)
    treetop (1.4.9)
      polyglot (>= 0.2.5)
    tzinfo (0.3.26)
    uuidtools (2.1.1)
    vcr (1.10.0)
    warden (1.0.3)
      rack (>= 1.0.0)
    webmock (1.6.4)
      addressable (~> 2.2, > 2.2.5)
      crack (>= 0.1.7)
    will_paginate (3.0.pre2)
    xpath (0.1.4)
      nokogiri (~> 1.3)

PLATFORMS
  ruby

DEPENDENCIES
  aeolus-image
  capybara
  cucumber
  cucumber-rails
  database_cleaner
  deltacloud-client
  factory_girl_rails
  fastercsv
  haml
  json
  launchy
  mustache
  nokogiri
  oauth
  pg
  rack-restful_submit
  rails (>= 3.0.7)
  rails_warden
  railties
  rest-client
  rspec-core
  rspec-expectations
  rspec-mocks
  rspec-rails
  ruby-net-ldap
  sass
  simple-navigation
  sqlite3
  thin
  timecop
  uuidtools
  vcr
  webmock
  will_paginate (>= 3.0.pre1)
